GEM
  remote: https://rubygems.org/
  specs:
    json (1.8.3)
    rack (1.6.4)
    terminal-table (1.5.2)

PLATFORMS
  x86-mingw32

DEPENDENCIES
  json
  rack
  terminal-table
